FRAMEWORK: >= NET461
NUGET
  remote: https://www.nuget.org/api/v2
    BenchmarkDotNet (0.10.2)
      BenchmarkDotNet.Toolchains.Roslyn (>= 0.10.2)
    BenchmarkDotNet.Core (0.10.2)
      System.Threading.Tasks.Extensions (>= 4.0)
    BenchmarkDotNet.Toolchains.Roslyn (0.10.2)
      BenchmarkDotNet.Core (>= 0.10.2)
      Microsoft.CodeAnalysis.CSharp (>= 1.3.2)
      System.Threading.Tasks (>= 4.0)
    FsCheck (2.7.1)
      FSharp.Core (>= 3.1.2.5)
    FsCheck.Xunit (2.7.1)
      FsCheck (>= 2.7.1)
      xunit.extensibility.execution (>= 2.1 < 3.0)
    FSharp.Core (3.1.2.5)
    Microsoft.CodeAnalysis.Analyzers (1.1)
    Microsoft.CodeAnalysis.Common (1.3.2)
      Microsoft.CodeAnalysis.Analyzers (>= 1.1)
      System.AppContext (>= 4.1)
      System.Collections (>= 4.0.11)
      System.Collections.Concurrent (>= 4.0.12)
      System.Collections.Immutable (>= 1.1.37)
      System.Collections.Immutable (>= 1.2)
      System.Console (>= 4.0)
      System.Diagnostics.Debug (>= 4.0.11)
      System.Diagnostics.FileVersionInfo (>= 4.0)
      System.Diagnostics.StackTrace (>= 4.0.1)
      System.Diagnostics.Tools (>= 4.0.1)
      System.Dynamic.Runtime (>= 4.0.11)
      System.Globalization (>= 4.0.11)
      System.IO.FileSystem (>= 4.0.1)
      System.IO.FileSystem.Primitives (>= 4.0.1)
      System.Linq (>= 4.1)
      System.Linq.Expressions (>= 4.1)
      System.Reflection (>= 4.1)
      System.Reflection.Metadata (>= 1.2)
      System.Reflection.Metadata (>= 1.3)
      System.Reflection.Primitives (>= 4.0.1)
      System.Resources.ResourceManager (>= 4.0.1)
      System.Runtime (>= 4.1)
      System.Runtime.Extensions (>= 4.1)
      System.Runtime.Handles (>= 4.0.1)
      System.Runtime.InteropServices (>= 4.1)
      System.Runtime.Numerics (>= 4.0.1)
      System.Security.Cryptography.Algorithms (>= 4.2)
      System.Security.Cryptography.Encoding (>= 4.0)
      System.Security.Cryptography.X509Certificates (>= 4.1)
      System.Text.Encoding (>= 4.0.11)
      System.Text.Encoding.CodePages (>= 4.0.1)
      System.Text.Encoding.Extensions (>= 4.0.11)
      System.Threading (>= 4.0.11)
      System.Threading.Tasks (>= 4.0.11)
      System.Threading.Tasks.Parallel (>= 4.0.1)
      System.Threading.Thread (>= 4.0)
      System.Xml.ReaderWriter (>= 4.0.11)
      System.Xml.XDocument (>= 4.0.11)
      System.Xml.XmlDocument (>= 4.0.1)
      System.Xml.XPath.XDocument (>= 4.0.1)
    Microsoft.CodeAnalysis.CSharp (1.3.2)
      Microsoft.CodeAnalysis.Common (1.3.2)
    System.AppContext (4.1)
    System.Collections (4.0.11)
    System.Collections.Concurrent (4.0.12)
    System.Collections.Immutable (1.2)
    System.Console (4.0)
    System.Diagnostics.Debug (4.0.11)
    System.Diagnostics.FileVersionInfo (4.0)
    System.Diagnostics.StackTrace (4.0.1)
    System.Diagnostics.Tools (4.0.1)
    System.Dynamic.Runtime (4.0.11)
    System.Globalization (4.0.11)
    System.IO (4.3) - framework: >= net463
    System.IO.FileSystem (4.0.1)
      System.IO.FileSystem.Primitives (>= 4.0.1)
    System.IO.FileSystem.Primitives (4.0.1)
    System.Linq (4.1)
    System.Linq.Expressions (4.1)
    System.Reflection (4.1)
    System.Reflection.Metadata (1.3)
      System.Collections.Immutable (>= 1.2)
    System.Reflection.Primitives (4.0.1)
    System.Resources.ResourceManager (4.0.1)
    System.Runtime (4.1)
    System.Runtime.Extensions (4.1)
    System.Runtime.Handles (4.0.1)
    System.Runtime.InteropServices (4.1)
      System.Runtime (>= 4.1) - framework: >= net462
    System.Runtime.Numerics (4.0.1)
    System.Security.Cryptography.Algorithms (4.2)
      System.IO (>= 4.1) - framework: >= net463
      System.Runtime (>= 4.1) - framework: >= net463
      System.Security.Cryptography.Encoding (>= 4.0) - framework: >= net463
      System.Security.Cryptography.Primitives (>= 4.0) - framework: net461, >= net463
    System.Security.Cryptography.Encoding (4.0)
    System.Security.Cryptography.Primitives (4.0)
    System.Security.Cryptography.X509Certificates (4.1)
      System.Security.Cryptography.Algorithms (>= 4.2)
      System.Security.Cryptography.Encoding (>= 4.0)
    System.Text.Encoding (4.0.11)
    System.Text.Encoding.CodePages (4.0.1)
    System.Text.Encoding.Extensions (4.0.11)
    System.Threading (4.0.11)
    System.Threading.Tasks (4.0.11)
    System.Threading.Tasks.Extensions (4.0)
    System.Threading.Tasks.Parallel (4.0.1)
    System.Threading.Thread (4.0)
    System.Xml.ReaderWriter (4.0.11)
    System.Xml.XDocument (4.0.11)
    System.Xml.XmlDocument (4.0.1)
    System.Xml.XPath (4.0.1)
    System.Xml.XPath.XDocument (4.0.1)
      System.Xml.XPath (>= 4.0.1)
    Unquote (3.1.2)
    xunit (2.1)
      xunit.assert (2.1)
      xunit.core (2.1)
    xunit.abstractions (2.0)
    xunit.assert (2.1)
    xunit.core (2.1)
      xunit.extensibility.core (2.1)
      xunit.extensibility.execution (2.1)
    xunit.extensibility.core (2.1)
      xunit.abstractions (2.0)
    xunit.extensibility.execution (2.1)
      xunit.extensibility.core (2.1)
    xunit.runner.visualstudio (2.1)
