NUGET
  remote: https://www.nuget.org/api/v2
    BenchmarkDotNet (0.10.1)
      BenchmarkDotNet.Core (>= 0.10.1) - framework: net10, net11, net20, net30, net35, net40, net40-full
      BenchmarkDotNet.Toolchains.Roslyn (>= 0.10.1) - framework: >= net45
    BenchmarkDotNet.Core (0.10.1) - framework: >= net10
      Microsoft.DotNet.InternalAbstractions (>= 1.0) - framework: net10, net11, net20, net30, net35, net40, net40-full
      Microsoft.NETCore.App (>= 1.1) - framework: net10, net11, net20, net30, net35, net40, net40-full
      System.Runtime.Serialization.Primitives (>= 4.1.1) - framework: net10, net11, net20, net30, net35, net40, net40-full
      System.Xml.XPath.XmlDocument (>= 4.0.1) - framework: net10, net11, net20, net30, net35, net40, net40-full
    BenchmarkDotNet.Toolchains.Roslyn (0.10.1) - framework: >= net45
      BenchmarkDotNet.Core (>= 0.10.1) - framework: >= net45
      Microsoft.CodeAnalysis.CSharp (>= 1.3.2) - framework: >= net45
      System.Threading.Tasks (>= 4.0) - framework: >= net45
    FsCheck (2.6.2)
      FSharp.Core (>= 3.1.2.5)
    FsCheck.Xunit (2.6.2)
      FsCheck (>= 2.6.2)
      xunit.extensibility.execution (>= 2.1 < 3.0)
    FSharp.Core (4.0.0.1)
    Libuv (1.9.1) - framework: net10, net11, net20, net30, net35, net40, net40-full
    Microsoft.CodeAnalysis.Analyzers (1.1) - framework: >= net45
    Microsoft.CodeAnalysis.Common (1.3.2) - framework: >= net10
      Microsoft.CodeAnalysis.Analyzers (>= 1.1) - framework: >= net45, >= netstandard11, portable-net45+win8
      System.AppContext (>= 4.1) - framework: >= net46, >= netstandard13
      System.Collections (>= 4.0.11) - framework: >= net46, >= netstandard13
      System.Collections.Concurrent (>= 4.0.12) - framework: >= net46, >= netstandard13
      System.Collections.Immutable (>= 1.1.37) - framework: >= net45, >= netstandard11, portable-net45+win8
      System.Collections.Immutable (>= 1.2) - framework: >= net46, >= netstandard13
      System.Console (>= 4.0) - framework: >= net46, >= netstandard13
      System.Diagnostics.Debug (>= 4.0.11) - framework: >= net46, >= netstandard13
      System.Diagnostics.FileVersionInfo (>= 4.0) - framework: >= net46, >= netstandard13
      System.Diagnostics.StackTrace (>= 4.0.1) - framework: >= net46, >= netstandard13
      System.Diagnostics.Tools (>= 4.0.1) - framework: >= net46, >= netstandard13
      System.Dynamic.Runtime (>= 4.0.11) - framework: >= net46, >= netstandard13
      System.Globalization (>= 4.0.11) - framework: >= net46, >= netstandard13
      System.IO.FileSystem (>= 4.0.1) - framework: >= net46, >= netstandard13
      System.IO.FileSystem.Primitives (>= 4.0.1) - framework: >= net46, >= netstandard13
      System.Linq (>= 4.1) - framework: >= net46, >= netstandard13
      System.Linq.Expressions (>= 4.1) - framework: >= net46, >= netstandard13
      System.Reflection (>= 4.1) - framework: >= net46, >= netstandard13
      System.Reflection.Metadata (>= 1.2) - framework: >= net45, >= netstandard11, portable-net45+win8
      System.Reflection.Metadata (>= 1.3) - framework: >= net46, >= netstandard13
      System.Reflection.Primitives (>= 4.0.1) - framework: >= net46, >= netstandard13
      System.Resources.ResourceManager (>= 4.0.1) - framework: >= net46, >= netstandard13
      System.Runtime (>= 4.1) - framework: >= net46, >= netstandard13
      System.Runtime.Extensions (>= 4.1) - framework: >= net46, >= netstandard13
      System.Runtime.Handles (>= 4.0.1) - framework: >= net46, >= netstandard13
      System.Runtime.InteropServices (>= 4.1) - framework: >= net46, >= netstandard13
      System.Runtime.Numerics (>= 4.0.1) - framework: >= net46, >= netstandard13
      System.Security.Cryptography.Algorithms (>= 4.2) - framework: >= net46, >= netstandard13
      System.Security.Cryptography.Encoding (>= 4.0) - framework: >= net46, >= netstandard13
      System.Security.Cryptography.X509Certificates (>= 4.1) - framework: >= net46, >= netstandard13
      System.Text.Encoding (>= 4.0.11) - framework: >= net46, >= netstandard13
      System.Text.Encoding.CodePages (>= 4.0.1) - framework: >= net46, >= netstandard13
      System.Text.Encoding.Extensions (>= 4.0.11) - framework: >= net46, >= netstandard13
      System.Threading (>= 4.0.11) - framework: >= net46, >= netstandard13
      System.Threading.Tasks (>= 4.0.11) - framework: >= net46, >= netstandard13
      System.Threading.Tasks.Parallel (>= 4.0.1) - framework: >= net46, >= netstandard13
      System.Threading.Thread (>= 4.0) - framework: >= net46, >= netstandard13
      System.Xml.ReaderWriter (>= 4.0.11) - framework: >= net46, >= netstandard13
      System.Xml.XDocument (>= 4.0.11) - framework: >= net46, >= netstandard13
      System.Xml.XmlDocument (>= 4.0.1) - framework: >= net46, >= netstandard13
      System.Xml.XPath.XDocument (>= 4.0.1) - framework: >= net46, >= netstandard13
    Microsoft.CodeAnalysis.CSharp (1.3.2) - framework: >= net10
      Microsoft.CodeAnalysis.Common (1.3.2)
    Microsoft.CodeAnalysis.VisualBasic (1.3.2) - framework: net10, net11, net20, net30, net35, net40, net40-full
      Microsoft.CodeAnalysis.Common (>= 1.3.2)
    Microsoft.CSharp (4.3) - framework: net10, net11, net20, net30, net35, net40, net40-full
    Microsoft.DiaSymReader.Native (1.4) - framework: net10, net11, net20, net30, net35, net40, net40-full
    Microsoft.DotNet.InternalAbstractions (1.0) - framework: net10, net11, net20, net30, net35, net40, net40-full
    Microsoft.NETCore.App (1.1) - framework: net10, net11, net20, net30, net35, net40, net40-full
      Libuv (>= 1.9.1)
      Microsoft.CodeAnalysis.CSharp (>= 1.3)
      Microsoft.CodeAnalysis.VisualBasic (>= 1.3)
      Microsoft.CSharp (>= 4.3) - framework: >= net10
      Microsoft.DiaSymReader.Native (>= 1.4) - framework: >= net10
      Microsoft.NETCore.DotNetHostPolicy (>= 1.1) - framework: >= net10
      Microsoft.NETCore.Runtime.CoreCLR (>= 1.1) - framework: >= net10
      Microsoft.VisualBasic (>= 10.1) - framework: >= net10
      NETStandard.Library (>= 1.6.1) - framework: >= net10
      System.Buffers (>= 4.3) - framework: >= net10
      System.Collections.Immutable (>= 1.3) - framework: >= net10
      System.ComponentModel (>= 4.3) - framework: >= net10
      System.ComponentModel.Annotations (>= 4.3) - framework: >= net10
      System.Diagnostics.DiagnosticSource (>= 4.3) - framework: >= net10
      System.Diagnostics.Process (>= 4.3) - framework: >= net10
      System.Dynamic.Runtime (>= 4.3) - framework: >= net10
      System.Globalization.Extensions (>= 4.3) - framework: >= net10
      System.IO.FileSystem.Watcher (>= 4.3) - framework: >= net10
      System.IO.MemoryMappedFiles (>= 4.3) - framework: >= net10
      System.IO.UnmanagedMemoryStream (>= 4.3) - framework: >= net10
      System.Linq.Expressions (>= 4.3) - framework: >= net10
      System.Linq.Parallel (>= 4.3) - framework: >= net10
      System.Linq.Queryable (>= 4.3) - framework: >= net10
      System.Net.NameResolution (>= 4.3) - framework: >= net10
      System.Net.Requests (>= 4.3) - framework: >= net10
      System.Net.Security (>= 4.3) - framework: >= net10
      System.Net.WebHeaderCollection (>= 4.3) - framework: >= net10
      System.Numerics.Vectors (>= 4.3) - framework: >= net10
      System.Reflection.DispatchProxy (>= 4.3) - framework: >= net10
      System.Reflection.Metadata (>= 1.4.1) - framework: >= net10
      System.Reflection.TypeExtensions (>= 4.3) - framework: >= net10
      System.Resources.Reader (>= 4.3) - framework: >= net10
      System.Runtime.Loader (>= 4.3) - framework: >= net10
      System.Security.Cryptography.Algorithms (>= 4.3) - framework: >= net10
      System.Security.Cryptography.Encoding (>= 4.3) - framework: >= net10
      System.Security.Cryptography.Primitives (>= 4.3) - framework: >= net10
      System.Security.Cryptography.X509Certificates (>= 4.3) - framework: >= net10
      System.Threading.Tasks.Dataflow (>= 4.7) - framework: >= net10
      System.Threading.Tasks.Extensions (>= 4.3) - framework: >= net10
      System.Threading.Tasks.Parallel (>= 4.3) - framework: >= net10
      System.Threading.Thread (>= 4.3) - framework: >= net10
      System.Threading.ThreadPool (>= 4.3) - framework: >= net10
    Microsoft.NETCore.DotNetHost (1.1) - framework: net10, net11, net20, net30, net35, net40, net40-full
    Microsoft.NETCore.DotNetHostPolicy (1.1) - framework: net10, net11, net20, net30, net35, net40, net40-full
      Microsoft.NETCore.DotNetHostResolver (>= 1.1)
    Microsoft.NETCore.DotNetHostResolver (1.1) - framework: net10, net11, net20, net30, net35, net40, net40-full
      Microsoft.NETCore.DotNetHost (>= 1.1)
    Microsoft.NETCore.Jit (1.1) - framework: net10, net11, net20, net30, net35, net40, net40-full
    Microsoft.NETCore.Platforms (1.1) - framework: >= net10, dnxcore50
    Microsoft.NETCore.Runtime.CoreCLR (1.1) - framework: net10, net11, net20, net30, net35, net40, net40-full
      Microsoft.NETCore.Jit (>= 1.1)
      Microsoft.NETCore.Windows.ApiSets (>= 1.0.1)
    Microsoft.NETCore.Targets (1.1) - framework: >= net10, dnxcore50
    Microsoft.NETCore.Windows.ApiSets (1.0.1) - framework: net10, net11, net20, net30, net35, net40, net40-full
    Microsoft.VisualBasic (10.1) - framework: net10, net11, net20, net30, net35, net40, net40-full
    NETStandard.Library (1.6.1) - framework: net10, net11, net20, net30, net35, net40, net40-full
    System.AppContext (4.3) - framework: >= net46
    System.Buffers (4.3) - framework: net10, net11, net20, net30, net35, net40, net40-full
    System.Collections (4.3) - framework: net10, net11, net20, net30, net35, net40, net40-full, >= net46, dnxcore50
      Microsoft.NETCore.Platforms (>= 1.1) - framework: dnxcore50, netstandard10, >= netstandard13
      Microsoft.NETCore.Targets (>= 1.1) - framework: dnxcore50, netstandard10, >= netstandard13
      System.Runtime (>= 4.3) - framework: dnxcore50, netstandard10, >= netstandard13
    System.Collections.Concurrent (4.3) - framework: >= net46
    System.Collections.Immutable (1.3) - framework: >= net10
    System.ComponentModel (4.3) - framework: net10, net11, net20, net30, net35, net40, net40-full
    System.ComponentModel.Annotations (4.3) - framework: net10, net11, net20, net30, net35, net40, net40-full
    System.Console (4.3) - framework: >= net46
    System.Diagnostics.Debug (4.3) - framework: net10, net11, net20, net30, net35, net40, net40-full, >= net46, dnxcore50
      Microsoft.NETCore.Platforms (>= 1.1) - framework: dnxcore50, netstandard10, >= netstandard13
      Microsoft.NETCore.Targets (>= 1.1) - framework: dnxcore50, netstandard10, >= netstandard13
      System.Runtime (>= 4.3) - framework: dnxcore50, netstandard10, >= netstandard13
    System.Diagnostics.DiagnosticSource (4.3) - framework: net10, net11, net20, net30, net35, net40, net40-full
    System.Diagnostics.FileVersionInfo (4.3) - framework: >= net46
    System.Diagnostics.Process (4.3) - framework: net10, net11, net20, net30, net35, net40, net40-full
    System.Diagnostics.StackTrace (4.3) - framework: >= net46
    System.Diagnostics.Tools (4.3) - framework: >= net46
    System.Dynamic.Runtime (4.3) - framework: net10, net11, net20, net30, net35, net40, net40-full, >= net46
    System.Globalization (4.3) - framework: net10, net11, net20, net30, net35, net40, net40-full, >= net46, dnxcore50
      Microsoft.NETCore.Platforms (>= 1.1) - framework: dnxcore50, netstandard10, >= netstandard13
      Microsoft.NETCore.Targets (>= 1.1) - framework: dnxcore50, netstandard10, >= netstandard13
      System.Runtime (>= 4.3) - framework: dnxcore50, netstandard10, >= netstandard13
    System.Globalization.Extensions (4.3) - framework: net10, net11, net20, net30, net35, net40, net40-full
    System.IO (4.3) - framework: net10, net11, net20, net30, net35, net40, net40-full, >= net46, dnxcore50
      Microsoft.NETCore.Platforms (>= 1.1) - framework: dnxcore50, netstandard10, netstandard13, >= netstandard15
      Microsoft.NETCore.Targets (>= 1.1) - framework: dnxcore50, netstandard10, netstandard13, >= netstandard15
      System.Runtime (>= 4.3) - framework: dnxcore50, netstandard10, netstandard13, >= netstandard15
      System.Text.Encoding (>= 4.3) - framework: dnxcore50, netstandard10, netstandard13, >= netstandard15
      System.Threading.Tasks (>= 4.3) - framework: dnxcore50, netstandard10, netstandard13, >= netstandard15
    System.IO.FileSystem (4.3) - framework: >= net46
      System.IO.FileSystem.Primitives (>= 4.3) - framework: >= net46, >= netstandard13
    System.IO.FileSystem.Primitives (4.3) - framework: >= net46
    System.IO.FileSystem.Watcher (4.3) - framework: net10, net11, net20, net30, net35, net40, net40-full
    System.IO.MemoryMappedFiles (4.3) - framework: net10, net11, net20, net30, net35, net40, net40-full
    System.IO.UnmanagedMemoryStream (4.3) - framework: net10, net11, net20, net30, net35, net40, net40-full
    System.Linq (4.3) - framework: net10, net11, net20, net30, net35, net40, net40-full, >= net46, dnxcore50
      System.Collections (>= 4.3) - framework: dnxcore50, netstandard10, >= netstandard16
      System.Diagnostics.Debug (>= 4.3) - framework: dnxcore50, >= netstandard16
      System.Resources.ResourceManager (>= 4.3) - framework: dnxcore50, >= netstandard16
      System.Runtime (>= 4.3) - framework: dnxcore50, netstandard10, >= netstandard16
      System.Runtime.Extensions (>= 4.3) - framework: dnxcore50, >= netstandard16
    System.Linq.Expressions (4.3) - framework: net10, net11, net20, net30, net35, net40, net40-full, >= net46, dnxcore50
      System.Collections (>= 4.3) - framework: dnxcore50, >= netstandard16
      System.Diagnostics.Debug (>= 4.3) - framework: dnxcore50, >= netstandard16
      System.Globalization (>= 4.3) - framework: dnxcore50, >= netstandard16
      System.IO (>= 4.3) - framework: dnxcore50, >= netstandard16
      System.Linq (>= 4.3) - framework: dnxcore50, >= netstandard16
      System.Reflection (>= 4.3) - framework: dnxcore50, netstandard10, netstandard13, >= netstandard16
      System.Reflection.Emit.ILGeneration (>= 4.3) - framework: dnxcore50, >= netstandard16
      System.Reflection.Emit.Lightweight (>= 4.3) - framework: dnxcore50, >= netstandard16
      System.Reflection.Extensions (>= 4.3) - framework: dnxcore50, >= netstandard16
      System.Reflection.Primitives (>= 4.3) - framework: dnxcore50, >= netstandard16
      System.Reflection.TypeExtensions (>= 4.3) - framework: dnxcore50, >= netstandard16
      System.Resources.ResourceManager (>= 4.3) - framework: dnxcore50, >= netstandard16
      System.Runtime (>= 4.3) - framework: dnxcore50, netstandard10, netstandard13, >= netstandard16
      System.Runtime.Extensions (>= 4.3) - framework: dnxcore50, >= netstandard16
      System.Threading (>= 4.3) - framework: dnxcore50, >= netstandard16
    System.Linq.Parallel (4.3) - framework: net10, net11, net20, net30, net35, net40, net40-full
    System.Linq.Queryable (4.3) - framework: net10, net11, net20, net30, net35, net40, net40-full
    System.Net.NameResolution (4.3) - framework: net10, net11, net20, net30, net35, net40, net40-full
    System.Net.Requests (4.3) - framework: net10, net11, net20, net30, net35, net40, net40-full
    System.Net.Security (4.3) - framework: net10, net11, net20, net30, net35, net40, net40-full
    System.Net.WebHeaderCollection (4.3) - framework: net10, net11, net20, net30, net35, net40, net40-full
    System.Numerics.Vectors (4.3) - framework: net10, net11, net20, net30, net35, net40, net40-full
    System.ObjectModel (4.3) - framework: dnxcore50
      System.Collections (>= 4.3) - framework: dnxcore50, >= netstandard13
      System.Diagnostics.Debug (>= 4.3) - framework: dnxcore50, >= netstandard13
      System.Resources.ResourceManager (>= 4.3) - framework: dnxcore50, >= netstandard13
      System.Runtime (>= 4.3) - framework: dnxcore50, netstandard10, >= netstandard13
      System.Threading (>= 4.3) - framework: dnxcore50, >= netstandard13
    System.Reflection (4.3) - framework: net10, net11, net20, net30, net35, net40, net40-full, >= net46, dnxcore50
      Microsoft.NETCore.Platforms (>= 1.1) - framework: dnxcore50, netstandard10, netstandard13, >= netstandard15
      Microsoft.NETCore.Targets (>= 1.1) - framework: dnxcore50, netstandard10, netstandard13, >= netstandard15
      System.IO (>= 4.3) - framework: dnxcore50, netstandard10, netstandard13, >= netstandard15
      System.Reflection.Primitives (>= 4.3) - framework: dnxcore50, netstandard10, netstandard13, >= netstandard15
      System.Runtime (>= 4.3) - framework: dnxcore50, netstandard10, netstandard13, >= netstandard15
    System.Reflection.DispatchProxy (4.3) - framework: net10, net11, net20, net30, net35, net40, net40-full
    System.Reflection.Emit.ILGeneration (4.3) - framework: net10, net11, net20, net30, net35, net40, net40-full, >= net46, dnxcore50
    System.Reflection.Emit.Lightweight (4.3) - framework: net10, net11, net20, net30, net35, net40, net40-full, >= net46, dnxcore50
    System.Reflection.Extensions (4.3) - framework: net10, net11, net20, net30, net35, net40, net40-full, >= net46, dnxcore50
      Microsoft.NETCore.Platforms (>= 1.1) - framework: dnxcore50, >= netstandard10
      Microsoft.NETCore.Targets (>= 1.1) - framework: dnxcore50, >= netstandard10
      System.Reflection (>= 4.3) - framework: dnxcore50, >= netstandard10
      System.Runtime (>= 4.3) - framework: dnxcore50, >= netstandard10
    System.Reflection.Metadata (1.4.1) - framework: >= net10
    System.Reflection.Primitives (4.3) - framework: net10, net11, net20, net30, net35, net40, net40-full, >= net46, dnxcore50
      Microsoft.NETCore.Platforms (>= 1.1) - framework: dnxcore50, >= netstandard10
      Microsoft.NETCore.Targets (>= 1.1) - framework: dnxcore50, >= netstandard10
      System.Runtime (>= 4.3) - framework: dnxcore50, >= netstandard10
    System.Reflection.TypeExtensions (4.3) - framework: net10, net11, net20, net30, net35, net40, net40-full, >= net46, dnxcore50
    System.Resources.Reader (4.3) - framework: net10, net11, net20, net30, net35, net40, net40-full
    System.Resources.ResourceManager (4.3) - framework: net10, net11, net20, net30, net35, net40, net40-full, >= net46, dnxcore50
      Microsoft.NETCore.Platforms (>= 1.1) - framework: dnxcore50, >= netstandard10
      Microsoft.NETCore.Targets (>= 1.1) - framework: dnxcore50, >= netstandard10
      System.Globalization (>= 4.3) - framework: dnxcore50, >= netstandard10
      System.Reflection (>= 4.3) - framework: dnxcore50, >= netstandard10
      System.Runtime (>= 4.3) - framework: dnxcore50, >= netstandard10
    System.Runtime (4.3) - framework: >= net10, dnxcore50
      Microsoft.NETCore.Platforms (>= 1.1) - framework: dnxcore50, netstandard10, netstandard12, netstandard13, >= netstandard15
      Microsoft.NETCore.Targets (>= 1.1) - framework: dnxcore50, netstandard10, netstandard12, netstandard13, >= netstandard15
    System.Runtime.Extensions (4.3) - framework: net10, net11, net20, net30, net35, net40, net40-full, >= net46, dnxcore50
      Microsoft.NETCore.Platforms (>= 1.1) - framework: dnxcore50, netstandard10, netstandard13, >= netstandard15
      Microsoft.NETCore.Targets (>= 1.1) - framework: dnxcore50, netstandard10, netstandard13, >= netstandard15
      System.Runtime (>= 4.3) - framework: dnxcore50, netstandard10, netstandard13, >= netstandard15
    System.Runtime.Handles (4.3) - framework: >= net46
    System.Runtime.InteropServices (4.3) - framework: >= net46
      System.Runtime (>= 4.3) - framework: net462, >= net463, dnxcore50, netstandard11, netstandard12, netstandard13, >= netstandard15
    System.Runtime.Loader (4.3) - framework: net10, net11, net20, net30, net35, net40, net40-full
    System.Runtime.Numerics (4.3) - framework: >= net46
    System.Runtime.Serialization.Primitives (4.3) - framework: net10, net11, net20, net30, net35, net40, net40-full
    System.Security.Cryptography.Algorithms (4.3) - framework: net10, net11, net20, net30, net35, net40, net40-full, >= net46
    System.Security.Cryptography.Encoding (4.3) - framework: net10, net11, net20, net30, net35, net40, net40-full, >= net46
    System.Security.Cryptography.Primitives (4.3) - framework: net10, net11, net20, net30, net35, net40, net40-full
    System.Security.Cryptography.X509Certificates (4.3) - framework: net10, net11, net20, net30, net35, net40, net40-full, >= net46
    System.Text.Encoding (4.3) - framework: net10, net11, net20, net30, net35, net40, net40-full, >= net46, dnxcore50
      Microsoft.NETCore.Platforms (>= 1.1) - framework: dnxcore50, netstandard10, >= netstandard13
      Microsoft.NETCore.Targets (>= 1.1) - framework: dnxcore50, netstandard10, >= netstandard13
      System.Runtime (>= 4.3) - framework: dnxcore50, netstandard10, >= netstandard13
    System.Text.Encoding.CodePages (4.3) - framework: >= net46
    System.Text.Encoding.Extensions (4.3) - framework: >= net46
    System.Text.RegularExpressions (4.3) - framework: dnxcore50
      System.Collections (>= 4.3) - framework: dnxcore50, >= netstandard16
      System.Globalization (>= 4.3) - framework: dnxcore50, >= netstandard16
      System.Resources.ResourceManager (>= 4.3) - framework: dnxcore50, >= netstandard16
      System.Runtime (>= 4.3) - framework: dnxcore50, netstandard10, netstandard13, >= netstandard16
      System.Runtime.Extensions (>= 4.3) - framework: dnxcore50, >= netstandard16
      System.Threading (>= 4.3) - framework: dnxcore50, >= netstandard16
    System.Threading (4.3) - framework: net10, net11, net20, net30, net35, net40, net40-full, >= net46, dnxcore50
      System.Runtime (>= 4.3) - framework: dnxcore50, netstandard10, >= netstandard13
      System.Threading.Tasks (>= 4.3) - framework: dnxcore50, netstandard10, >= netstandard13
    System.Threading.Tasks (4.3) - framework: >= net10, dnxcore50
      Microsoft.NETCore.Platforms (>= 1.1) - framework: dnxcore50, netstandard10, >= netstandard13
      Microsoft.NETCore.Targets (>= 1.1) - framework: dnxcore50, netstandard10, >= netstandard13
      System.Runtime (>= 4.3) - framework: dnxcore50, netstandard10, >= netstandard13
    System.Threading.Tasks.Dataflow (4.7) - framework: net10, net11, net20, net30, net35, net40, net40-full
    System.Threading.Tasks.Extensions (4.3) - framework: net10, net11, net20, net30, net35, net40, net40-full
    System.Threading.Tasks.Parallel (4.3) - framework: net10, net11, net20, net30, net35, net40, net40-full, >= net46
    System.Threading.Thread (4.3) - framework: net10, net11, net20, net30, net35, net40, net40-full, >= net46
    System.Threading.ThreadPool (4.3) - framework: net10, net11, net20, net30, net35, net40, net40-full
    System.Xml.ReaderWriter (4.3) - framework: >= net46
    System.Xml.XDocument (4.3) - framework: >= net46
    System.Xml.XmlDocument (4.3) - framework: >= net46
    System.Xml.XPath (4.3) - framework: >= net46
    System.Xml.XPath.XDocument (4.3) - framework: >= net46
      System.Xml.XPath (>= 4.3) - framework: >= net46, >= netstandard13
    System.Xml.XPath.XmlDocument (4.3) - framework: net10, net11, net20, net30, net35, net40, net40-full
    Unquote (3.1.2)
    xunit (2.1)
      xunit.assert (2.1)
      xunit.core (2.1)
    xunit.abstractions (2.0) - framework: >= net45, dnx451, dnxcore50, monoandroid, monotouch, portable-net45+win80+wp80+wpa81, xamarinios, winv4.5, wpv8.0, wpav8.1
    xunit.assert (2.1)
      System.Collections (>= 4.0) - framework: dnxcore50
      System.Diagnostics.Debug (>= 4.0) - framework: dnxcore50
      System.Globalization (>= 4.0) - framework: dnxcore50
      System.Linq (>= 4.0) - framework: dnxcore50
      System.ObjectModel (>= 4.0) - framework: dnxcore50
      System.Reflection (>= 4.0) - framework: dnxcore50
      System.Reflection.Extensions (>= 4.0) - framework: dnxcore50
      System.Runtime (>= 4.0) - framework: dnxcore50
      System.Runtime.Extensions (>= 4.0) - framework: dnxcore50
      System.Text.RegularExpressions (>= 4.0) - framework: dnxcore50
      System.Threading.Tasks (>= 4.0) - framework: dnxcore50
    xunit.core (2.1)
      System.Collections (>= 4.0) - framework: dnxcore50
      System.Diagnostics.Debug (>= 4.0) - framework: dnxcore50
      System.Globalization (>= 4.0) - framework: dnxcore50
      System.Linq (>= 4.0) - framework: dnxcore50
      System.Reflection (>= 4.0) - framework: dnxcore50
      System.Reflection.Extensions (>= 4.0) - framework: dnxcore50
      System.Runtime (>= 4.0) - framework: dnxcore50
      System.Runtime.Extensions (>= 4.0) - framework: dnxcore50
      System.Threading.Tasks (>= 4.0) - framework: dnxcore50
      xunit.abstractions (>= 2.0) - framework: dnxcore50
      xunit.extensibility.core (2.1) - framework: >= net45, dnx451, dnxcore50, monoandroid, monotouch, portable-net45+win80+wp80+wpa81, xamarinios, winv4.5, wpv8.0, wpav8.1
      xunit.extensibility.execution (2.1) - framework: >= net45, dnx451, dnxcore50, monoandroid, monotouch, portable-net45+win80+wp80+wpa81, xamarinios, winv4.5, wpv8.0, wpav8.1
    xunit.extensibility.core (2.1) - framework: >= net45, dnx451, dnxcore50, monoandroid, monotouch, portable-net45+win80+wp80+wpa81, xamarinios, winv4.5, wpv8.0, wpav8.1
      xunit.abstractions (2.0)
    xunit.extensibility.execution (2.1)
      System.Collections (>= 4.0) - framework: dnxcore50
      System.Diagnostics.Debug (>= 4.0) - framework: dnxcore50
      System.Globalization (>= 4.0) - framework: dnxcore50
      System.IO (>= 4.0) - framework: dnxcore50
      System.Linq (>= 4.0) - framework: dnxcore50
      System.Linq.Expressions (>= 4.0) - framework: dnxcore50
      System.Reflection (>= 4.0) - framework: dnxcore50
      System.Reflection.Extensions (>= 4.0) - framework: dnxcore50
      System.Runtime (>= 4.0) - framework: dnxcore50
      System.Runtime.Extensions (>= 4.0) - framework: dnxcore50
      System.Text.Encoding (>= 4.0) - framework: dnxcore50
      System.Threading (>= 4.0) - framework: dnxcore50
      System.Threading.Tasks (>= 4.0) - framework: dnxcore50
      xunit.abstractions (>= 2.0) - framework: dnxcore50
      xunit.extensibility.core (2.1) - framework: >= net45, dnx451, dnxcore50, monoandroid, monotouch, xamarinios, winv4.5, wpv8.0, wpav8.1
GITHUB
  remote: connamara/quickfixn
    spec/fix/FIX44.xml (18f61e786fddf449a4891e2f48586215ad6166f7)